GEM
  remote: https://rubygems.org/
  specs:
    diff-lcs (1.2.5)
    json (1.8.3)
    rack (1.6.4)
    rack-protection (1.5.3)
      rack
    rake (10.4.2)
    rspec (3.3.0)
      rspec-core (~> 3.3.0)
      rspec-expectations (~> 3.3.0)
      rspec-mocks (~> 3.3.0)
    rspec-core (3.3.2)
      rspec-support (~> 3.3.0)
    rspec-expectations (3.3.1)
      diff-lcs (>= 1.2.0, < 2.0)
      rspec-support (~> 3.3.0)
    rspec-mocks (3.3.2)
      diff-lcs (>= 1.2.0, < 2.0)
      rspec-support (~> 3.3.0)
    rspec-support (3.3.0)
    serialport (1.3.1)
    sinatra (1.4.6)
      rack (~> 1.4)
      rack-protection (~> 1.4)
      tilt (>= 1.3, < 3)
    slop (4.2.0)
    tilt (2.0.1)

PLATFORMS
  ruby

DEPENDENCIES
  json (~> 1.8, >= 1.8.3)
  rake (~> 10.4, >= 10.4.2)
  rspec (~> 3.3)
  serialport (~> 1.3, >= 1.3.1)
  sinatra (~> 1.4, >= 1.4.6)
  slop (~> 4.2)

BUNDLED WITH
   1.10.6
